GEM
  remote: https://rubygems.org/
  specs:
    activesupport (4.2.7.1)
      i18n (~> 0.7)
      json (~> 1.7, >= 1.7.7)
      minitest (~> 5.1)
      thread_safe (~> 0.3, >= 0.3.4)
      tzinfo (~> 1.1)
    addressable (2.3.8)
    babosa (1.0.2)
    backports (3.6.8)
    capybara (2.5.0)
      mime-types (>= 1.16)
      nokogiri (>= 1.3.3)
      rack (>= 1.0.0)
      rack-test (>= 0.5.4)
      xpath (~> 2.0)
    coffee-script (2.4.1)
      coffee-script-source
      execjs
    coffee-script-source (1.10.0)
    colored (1.2)
    commander (4.4.0)
      highline (~> 1.7.2)
    compass-import-once (1.0.5)
      sass (>= 3.2, < 3.5)
    concurrent-ruby (1.0.2)
    contracts (0.13.0)
    credentials_manager (0.16.2)
      colored
      commander (>= 4.3.5)
      highline (>= 1.7.1)
      security
    deliver (1.14.5)
      credentials_manager (>= 0.16.2, < 1.0.0)
      fastimage (~> 1.6)
      fastlane_core (>= 0.53.0, < 1.0.0)
      plist (>= 3.1.0, < 4.0.0)
      spaceship (>= 0.36.2, < 1.0.0)
    domain_name (0.5.20161021)
      unf (>= 0.0.5, < 1.0.0)
    erubis (2.7.0)
    excon (0.54.0)
    execjs (2.7.0)
    faraday (0.9.2)
      multipart-post (>= 1.2, < 3)
    faraday-cookie_jar (0.0.6)
      faraday (>= 0.7.4)
      http-cookie (~> 1.0.0)
    faraday_middleware (0.10.0)
      faraday (>= 0.7.4, < 0.10)
    fast_blank (1.0.0)
    fastimage (1.9.0)
      addressable (~> 2.3.5)
    fastlane_core (0.53.0)
      babosa
      colored
      commander (>= 4.4.0, <= 5.0.0)
      credentials_manager (>= 0.16.2, < 1.0.0)
      excon (>= 0.45.0, < 1.0)
      gh_inspector (>= 1.0.1, < 2.0.0)
      highline (>= 1.7.2)
      json
      multi_json
      plist (>= 3.1.0, < 4.0.0)
      rubyzip (~> 1.1.6)
      terminal-table (>= 1.4.5, < 2.0.0)
    ffi (1.9.14)
    gh_inspector (1.0.2)
    haml (4.0.7)
      tilt
    hamster (3.0.0)
      concurrent-ruby (~> 1.0)
    hashie (3.4.6)
    highline (1.7.8)
    http-cookie (1.0.3)
      domain_name (~> 0.5)
    i18n (0.7.0)
    json (1.8.3)
    kramdown (1.12.0)
    listen (3.1.5)
      rb-fsevent (~> 0.9, >= 0.9.4)
      rb-inotify (~> 0.9, >= 0.9.7)
      ruby_dep (~> 1.2)
    middleman (4.1.6)
      coffee-script (~> 2.2)
      compass-import-once (= 1.0.5)
      haml (>= 4.0.5)
      kramdown (~> 1.2)
      middleman-cli (= 4.1.6)
      middleman-core (= 4.1.6)
      sass (>= 3.4.0, < 4.0)
    middleman-cli (4.1.6)
      thor (>= 0.17.0, < 2.0)
    middleman-core (4.1.6)
      activesupport (~> 4.2)
      addressable (~> 2.3)
      backports (~> 3.6)
      bundler (~> 1.1)
      capybara (~> 2.5.0)
      contracts (~> 0.13.0)
      erubis
      execjs (~> 2.0)
      fast_blank
      fastimage (~> 1.7)
      hamster (~> 3.0)
      hashie (~> 3.4)
      i18n (~> 0.7.0)
      listen (~> 3.0)
      padrino-helpers (~> 0.13.0)
      parallel
      rack (>= 1.4.5, < 2.0)
      sass (>= 3.4)
      tilt (~> 1.4.1)
      uglifier (~> 2.6)
    middleman-sprockets (4.1.0)
      middleman-core (~> 4.0)
      sprockets (>= 3.0)
    mime-types (3.1)
      mime-types-data (~> 3.2015)
    mime-types-data (3.2016.0521)
    mini_portile2 (2.1.0)
    minitest (5.9.1)
    multi_json (1.12.1)
    multi_xml (0.5.5)
    multipart-post (2.0.0)
    nokogiri (1.6.8.1)
      mini_portile2 (~> 2.1.0)
    padrino-helpers (0.13.3.2)
      i18n (~> 0.6, >= 0.6.7)
      padrino-support (= 0.13.3.2)
      tilt (>= 1.4.1, < 3)
    padrino-support (0.13.3.2)
      activesupport (>= 3.1)
    parallel (1.9.0)
    plist (3.2.0)
    rack (1.6.4)
    rack-test (0.6.3)
      rack (>= 1.0)
    rb-fsevent (0.9.8)
    rb-inotify (0.9.7)
      ffi (>= 0.5.0)
    rouge (1.11.1)
    ruby_dep (1.5.0)
    rubyzip (1.1.7)
    sass (3.4.22)
    security (0.1.3)
    snapshot (0.4.10)
      fastimage
      fastlane_core
    spaceship (0.36.2)
      colored
      credentials_manager (>= 0.16.0)
      faraday (~> 0.9)
      faraday-cookie_jar (~> 0.0.6)
      faraday_middleware (~> 0.9)
      fastimage (~> 1.6)
      multi_xml (~> 0.5)
      plist (>= 3.1.0, < 4.0.0)
    sprockets (3.7.0)
      concurrent-ruby (~> 1.0)
      rack (> 1, < 3)
    terminal-table (1.7.3)
      unicode-display_width (~> 1.1.1)
    thor (0.19.1)
    thread_safe (0.3.5)
    tilt (1.4.1)
    tzinfo (1.2.2)
      thread_safe (~> 0.1)
    uglifier (2.7.2)
      execjs (>= 0.3.0)
      json (>= 1.8.0)
    unf (0.1.4)
      unf_ext
    unf_ext (0.0.7.2)
    unicode-display_width (1.1.1)
    xcpretty (0.2.4)
      rouge (~> 1.8)
    xpath (2.0.0)
      nokogiri (~> 1.3)

PLATFORMS
  ruby

DEPENDENCIES
  deliver
  middleman (~> 4)
  middleman-sprockets (~> 4.0)
  snapshot
  xcpretty

BUNDLED WITH
   1.13.4
